GEM
  remote: https://rubygems.org/
  specs:
    rack (2.0.1)
    webrick (1.7.0)

PLATFORMS
  ruby
  x86_64-linux

DEPENDENCIES
  rack (= 2.0.1)
  webrick

BUNDLED WITH
   2.2.31
